NUGET
  remote: https://www.nuget.org/api/v2
  specs:
    FSharp.Data (2.0.9) - framework: >= net45
    FsUnit (1.2.1) - framework: >= net45
      NUnit (>= 2.6.2)
    NuGet.CommandLine (3.3.0)
    NUnit (2.6.2) - framework: >= net45
